PATH
  remote: .
  specs:
    lalamove (0.2.0)

GEM
  remote: https://rubygems.org/
  specs:
    httparty (0.17.3)
      mime-types (~> 3.0)
      multi_xml (>= 0.5.2)
    mime-types (3.3.1)
      mime-types-data (~> 3.2015)
    mime-types-data (3.2019.1009)
    minitest (5.13.0)
    multi_xml (0.6.0)
    rake (10.5.0)

PLATFORMS
  ruby

DEPENDENCIES
  bundler (~> 2.0)
  httparty
  lalamove!
  minitest (~> 5.0)
  rake (~> 10.0)

BUNDLED WITH
   2.0.2
